PATH
  remote: .
  specs:
    red_chainer_nlp_example (0.1.0)
      red-chainer (~> 0.4.1)

GEM
  remote: https://rubygems.org/
  specs:
    csv (3.1.2)
    diff-lcs (1.3)
    numo-narray (0.9.1.5)
    rake (10.5.0)
    red-chainer (0.4.1)
      numo-narray (>= 0.9.1.1)
      red-datasets (>= 0.0.6)
    red-datasets (0.0.9)
      csv (>= 3.0.5)
      rubyzip
    rspec (3.9.0)
      rspec-core (~> 3.9.0)
      rspec-expectations (~> 3.9.0)
      rspec-mocks (~> 3.9.0)
    rspec-core (3.9.0)
      rspec-support (~> 3.9.0)
    rspec-expectations (3.9.0)
      diff-lcs (>= 1.2.0, < 2.0)
      rspec-support (~> 3.9.0)
    rspec-mocks (3.9.0)
      diff-lcs (>= 1.2.0, < 2.0)
      rspec-support (~> 3.9.0)
    rspec-support (3.9.0)
    rubyzip (2.0.0)

PLATFORMS
  ruby

DEPENDENCIES
  bundler (~> 2.0)
  rake (~> 10.0)
  red_chainer_nlp_example!
  rspec (~> 3.0)

BUNDLED WITH
   2.0.2
